PATH
  remote: .
  specs:
    date_validator (0.6.1)
      activemodel (>= 3.0.0, < 3.2.0)

GEM
  remote: http://rubygems.org/
  specs:
    activemodel (3.0.0)
      activesupport (= 3.0.0)
      builder (~> 2.1.2)
      i18n (~> 0.4.1)
    activesupport (3.0.0)
    bluecloth (2.0.11)
    builder (2.1.2)
    diff-lcs (1.1.2)
    i18n (0.4.2)
    rspec (2.5.0)
      rspec-core (~> 2.5.0)
      rspec-expectations (~> 2.5.0)
      rspec-mocks (~> 2.5.0)
    rspec-core (2.5.1)
    rspec-expectations (2.5.0)
      diff-lcs (~> 1.1.2)
    rspec-mocks (2.5.0)
    simplecov (0.3.6)
      simplecov-html (>= 0.3.7)
    simplecov-html (0.3.8)
    tzinfo (0.3.23)
    yard (0.6.4)

PLATFORMS
  java
  ruby

DEPENDENCIES
  activesupport (~> 3.0.0)
  bluecloth
  date_validator!
  rspec (~> 2.5.0)
  simplecov
  tzinfo (~> 0.3.0)
  yard
